GEM
  remote: https://rubygems.org/

PLATFORMS
  ruby

DEPENDENCIES
  activerecord
  pg
  sinatra
  sinatra-activerecord
  tux
